PATH
  remote: .
  specs:
    pitchcar (0.7.1)
      bazaar
      rmagick

GEM
  remote: https://rubygems.org/
  specs:
    bazaar (0.0.2)
    rmagick (2.16.0)

PLATFORMS
  ruby

DEPENDENCIES
  pitchcar!

BUNDLED WITH
   1.14.6
